GIT
  remote: https://github.com/instructure/ims-lti.git
  revision: 02788772ae6deded0d5273d53630b9f8ba3f6e24
  specs:
    ims-lti (1.1.5)
      builder
      oauth (~> 0.4.5)
      uuid

GEM
  remote: https://rubygems.org/
  specs:
    actionmailer (3.2.16)
      actionpack (= 3.2.16)
      mail (~> 2.5.4)
    actionpack (3.2.16)
      activemodel (= 3.2.16)
      activesupport (= 3.2.16)
      builder (~> 3.0.0)
      erubis (~> 2.7.0)
      journey (~> 1.0.4)
      rack (~> 1.4.5)
      rack-cache (~> 1.2)
      rack-test (~> 0.6.1)
      sprockets (~> 2.2.1)
    active_attr (0.8.2)
      activemodel (>= 3.0.2, < 4.1)
      activesupport (>= 3.0.2, < 4.1)
    activemodel (3.2.16)
      activesupport (= 3.2.16)
      builder (~> 3.0.0)
    activerecord (3.2.16)
      activemodel (= 3.2.16)
      activesupport (= 3.2.16)
      arel (~> 3.0.2)
      tzinfo (~> 0.3.29)
    activerecord-jdbc-adapter (1.2.9.1)
    activerecord-jdbch2-adapter (1.2.9)
      activerecord-jdbc-adapter (~> 1.2.9)
      jdbc-h2 (~> 1.3.0)
    activerecord-jdbcpostgresql-adapter (1.2.9)
      activerecord-jdbc-adapter (~> 1.2.9)
      jdbc-postgres (>= 9.1, < 9.3)
    activerecord-jdbcsqlite3-adapter (1.2.9)
      activerecord-jdbc-adapter (~> 1.2.9)
      jdbc-sqlite3 (~> 3.7.2)
    activerecord-oracle_enhanced-adapter (1.4.2)
    activeresource (3.2.16)
      activemodel (= 3.2.16)
      activesupport (= 3.2.16)
    activesupport (3.2.16)
      i18n (~> 0.6, >= 0.6.4)
      multi_json (~> 1.0)
    addressable (2.3.5)
    angular-gem (1.2.1)
      coffee-script (~> 2.2.0)
      railties (>= 3.1)
    ansi (1.4.3)
    arel (3.0.3)
    autoparse (0.3.3)
      addressable (>= 2.3.1)
      extlib (>= 0.9.15)
      multi_json (>= 1.0.0)
    bcrypt-ruby (3.1.2-java)
    blankslate (2.1.2.4)
    bootstrap-sass (2.3.2.0)
      sass (~> 3.2)
    brwsr (1.1.1)
    builder (3.0.4)
    callsite (0.0.11)
    capistrano (2.15.5)
      highline
      net-scp (>= 1.0.0)
      net-sftp (>= 2.0.0)
      net-ssh (>= 2.0.14)
      net-ssh-gateway (>= 1.1.0)
    capybara (2.1.0)
      mime-types (>= 1.16)
      nokogiri (>= 1.3.3)
      rack (>= 1.0.0)
      rack-test (>= 0.5.4)
      xpath (~> 2.0)
    childprocess (0.3.9)
      ffi (~> 1.0, >= 1.0.11)
    chunky_png (1.2.9)
    closure-compiler (1.1.10)
    coderay (1.0.9)
    coffee-rails (3.2.2)
      coffee-script (>= 2.2.0)
      railties (~> 3.2.0)
    coffee-script (2.2.0)
      coffee-script-source
      execjs
    coffee-script-source (1.6.3)
    columnize (0.3.6)
    compass (0.12.2)
      chunky_png (~> 1.2)
      fssm (>= 0.2.7)
      sass (~> 3.1)
    compass-rails (1.0.3)
      compass (>= 0.12.2, < 0.14)
    crack (0.4.0)
      safe_yaml (~> 0.9.0)
    dalli (2.6.4)
    devise (2.2.8)
      bcrypt-ruby (~> 3.0)
      orm_adapter (~> 0.1)
      railties (~> 3.1)
      warden (~> 1.2.1)
    diff-lcs (1.2.4)
    edn (1.0.0)
      parslet (~> 1.4.0)
    em-websocket (0.5.0)
      eventmachine (>= 0.12.9)
      http_parser.rb (~> 0.5.3)
    erubis (2.7.0)
    eventmachine (1.0.3-java)
    execjs (1.4.0)
      multi_json (~> 1.0)
    extlib (0.9.16)
    faraday (0.8.8)
      multipart-post (~> 1.2.0)
    faraday_middleware (0.9.0)
      faraday (>= 0.7.4, < 0.9)
    ffi (1.9.3-java)
    font-awesome-rails (4.0.0.0)
      railties (>= 3.2, < 5.0)
    formatador (0.2.4)
    foundation-rails (5.0.2.0)
      railties (>= 3.1.0)
      sass (>= 3.2.0)
    fssm (0.2.10)
    google-api-client (0.6.4)
      addressable (>= 2.3.2)
      autoparse (>= 0.3.3)
      extlib (>= 0.9.15)
      faraday (~> 0.8.4)
      jwt (>= 0.1.5)
      launchy (>= 2.1.1)
      multi_json (>= 1.0.0)
      signet (~> 0.4.5)
      uuidtools (>= 2.1.0)
    guard (1.8.1)
      formatador (>= 0.2.4)
      listen (>= 1.0.0)
      lumberjack (>= 1.0.2)
      pry (>= 0.9.10)
      thor (>= 0.14.6)
    guard-livereload (1.4.0)
      em-websocket (>= 0.5.0)
      guard (>= 1.8.0)
      multi_json (~> 1.7)
    haml (4.0.3)
      tilt
    hashie (2.0.5)
    headless (1.0.1)
    highline (1.6.19)
    hike (1.2.3)
    http_parser.rb (0.5.3-java)
    httparty (0.11.0)
      multi_json (~> 1.0)
      multi_xml (>= 0.5.2)
    i18n (0.6.9)
    jdbc-h2 (1.3.170.1)
    jdbc-postgres (9.2.1002.1)
    jdbc-sqlite3 (3.7.2.1)
    journey (1.0.4)
    jquery-rails (2.2.2)
      railties (>= 3.0, < 5.0)
      thor (>= 0.14, < 2.0)
    jquery-ui-rails (3.0.1)
      jquery-rails
      railties (>= 3.1.0)
    jruby-activemq (5.5.1-java)
    json (1.8.1-java)
    jwt (0.1.8)
      multi_json (>= 1.5)
    kaminari (0.14.1)
      actionpack (>= 3.0.0)
      activesupport (>= 3.0.0)
    launchy (2.3.0)
      addressable (~> 2.3)
    linecache (0.46-java)
    link_header (0.0.7)
    listen (1.2.2)
      rb-fsevent (>= 0.9.3)
      rb-inotify (>= 0.9)
      rb-kqueue (>= 0.2)
    log4r (1.1.10)
    lumberjack (1.0.4)
    macaddr (1.6.1)
      systemu (~> 2.5.0)
    mail (2.5.4)
      mime-types (~> 1.16)
      treetop (~> 1.4.8)
    meta_request (0.2.8)
      callsite
      rack-contrib
      railties
    method_source (0.8.1)
    mime-types (1.25.1)
    minitest (4.7.5)
    minitest-reporters (0.14.23)
      ansi
      builder
      minitest (>= 2.12, < 5.0)
      powerbar
    momentjs-rails (2.2.1)
      railties (>= 3.1)
    multi_json (1.8.2)
    multi_xml (0.5.5)
    multipart-post (1.2.0)
    nested_form (0.3.2)
    net-scp (1.1.1)
      net-ssh (>= 2.6.5)
    net-sftp (2.1.2)
      net-ssh (>= 2.6.5)
    net-ssh (2.6.7)
    net-ssh-gateway (1.2.0)
      net-ssh (>= 2.6.5)
    ngmin-rails (0.4.0)
      rails (>= 3.1)
    nokogiri (1.5.10-java)
    oauth (0.4.7)
    omniauth (1.1.4)
      hashie (>= 1.2, < 3)
      rack
    omniauth-cas (1.0.2)
      addressable (~> 2.3)
      nokogiri (~> 1.5)
      omniauth (~> 1.1.0)
    orm_adapter (0.5.0)
    parslet (1.4.0)
      blankslate (~> 2.0)
    pikaday-gem (1.1.0.0)
      railties (>= 3.1)
    placeholder-gem (3.0.0.0)
      railties (>= 3.1)
    polyglot (0.3.3)
    powerbar (1.0.11)
      ansi (~> 1.4.0)
      hashie (>= 1.1.0)
    pry (0.9.12.2-java)
      coderay (~> 1.0.5)
      method_source (~> 0.8)
      slop (~> 3.4)
      spoon (~> 0.0)
    rack (1.4.5)
    rack-cache (1.2)
      rack (>= 0.4)
    rack-contrib (1.1.0)
      rack (>= 0.9.1)
    rack-livereload (0.3.15)
      rack
    rack-pjax (0.7.0)
      nokogiri (~> 1.5)
      rack (~> 1.3)
    rack-ssl (1.3.3)
      rack
    rack-test (0.6.2)
      rack (>= 1.0)
    rails (3.2.16)
      actionmailer (= 3.2.16)
      actionpack (= 3.2.16)
      activerecord (= 3.2.16)
      activeresource (= 3.2.16)
      activesupport (= 3.2.16)
      bundler (~> 1.0)
      railties (= 3.2.16)
    rails_admin (0.4.9)
      bootstrap-sass (~> 2.2)
      builder (~> 3.0)
      coffee-rails (>= 3.1, < 5)
      haml (~> 4.0)
      jquery-rails (>= 2.1, < 4)
      jquery-ui-rails (~> 3.0)
      kaminari (~> 0.14)
      nested_form (~> 0.3)
      rack-pjax (~> 0.6)
      rails (~> 3.1)
      remotipart (~> 1.0)
      safe_yaml (~> 0.6)
      sass-rails (~> 3.1)
    railties (3.2.16)
      actionpack (= 3.2.16)
      activesupport (= 3.2.16)
      rack-ssl (~> 1.3.2)
      rake (>= 0.8.7)
      rdoc (~> 3.4)
      thor (>= 0.14.6, < 2.0)
    rake (10.1.0)
    ravenjs-gem (1.0.7.0)
      railties (>= 3.1)
    rb-fchange (0.0.6)
      ffi
    rb-fsevent (0.9.3)
    rb-inotify (0.9.2)
      ffi (>= 0.5.0)
    rb-kqueue (0.2.0)
      ffi (>= 0.5.0)
    rdoc (3.12.2)
      json (~> 1.4)
    remotipart (1.1.1)
    retriable (1.3.3.1)
    rspec (2.13.0)
      rspec-core (~> 2.13.0)
      rspec-expectations (~> 2.13.0)
      rspec-mocks (~> 2.13.0)
    rspec-core (2.13.1)
    rspec-expectations (2.13.0)
      diff-lcs (>= 1.1.3, < 2.0)
    rspec-mocks (2.13.1)
    rspec-rails (2.13.2)
      actionpack (>= 3.0)
      activesupport (>= 3.0)
      railties (>= 3.0)
      rspec-core (~> 2.13.0)
      rspec-expectations (~> 2.13.0)
      rspec-mocks (~> 2.13.0)
    rspec_junit_formatter (0.1.6)
      builder
      rspec (~> 2.0)
      rspec-core (!= 2.12.0)
    ruby-debug (0.10.5.rc9)
      columnize (>= 0.1)
      ruby-debug-base (~> 0.10.5.rc9.0)
    ruby-debug-base (0.10.5.rc9-java)
      linecache (~> 0.46)
    rubyzip (1.1.0)
    rvm-capistrano (1.3.4)
      capistrano (>= 2.0.0)
    safe_yaml (0.9.3)
    sass (3.2.9)
    sass-rails (3.2.6)
      railties (~> 3.2.0)
      sass (>= 3.1.10)
      tilt (~> 1.3)
    secure_headers (0.5.0)
      brwsr (>= 1.1.1)
    selenium-webdriver (2.39.0)
      childprocess (>= 0.2.5)
      multi_json (~> 1.0)
      rubyzip (~> 1.0)
      websocket (~> 1.0.4)
    signet (0.4.5)
      addressable (>= 2.2.3)
      faraday (~> 0.8.1)
      jwt (>= 0.1.5)
      multi_json (>= 1.0.0)
    simplecov (0.7.1)
      multi_json (~> 1.0)
      simplecov-html (~> 0.7.1)
    simplecov-html (0.7.1)
    slop (3.4.5)
    spoon (0.0.4)
      ffi
    spork (0.9.2)
    sprockets (2.2.2)
      hike (~> 1.2)
      multi_json (~> 1.0)
      rack (~> 1.0)
      tilt (~> 1.1, != 1.3.0)
    systemu (2.5.2)
    thor (0.18.1)
    tilt (1.4.1)
    torquebox (3.0.1)
      thor (>= 0.14.6)
      torquebox-cache (= 3.0.1)
      torquebox-configure (= 3.0.1)
      torquebox-core (= 3.0.1)
      torquebox-messaging (= 3.0.1)
      torquebox-naming (= 3.0.1)
      torquebox-rake-support (= 3.0.1)
      torquebox-security (= 3.0.1)
      torquebox-stomp (= 3.0.1)
      torquebox-transactions (= 3.0.1)
      torquebox-web (= 3.0.1)
    torquebox-cache (3.0.1-java)
      torquebox-core (= 3.0.1)
      torquebox-transactions (= 3.0.1)
    torquebox-configure (3.0.1-java)
      blankslate (= 2.1.2.4)
    torquebox-core (3.0.1-java)
      edn (= 1.0.0)
    torquebox-messaging (3.0.1-java)
      torquebox-core (= 3.0.1)
      torquebox-transactions (= 3.0.1)
    torquebox-naming (3.0.1-java)
      torquebox-core (= 3.0.1)
    torquebox-rake-support (3.0.1)
      rake (>= 0.8.7)
    torquebox-security (3.0.1-java)
      torquebox-core (= 3.0.1)
    torquebox-server (3.0.1-java)
      torquebox (= 3.0.1)
    torquebox-stomp (3.0.1)
      torquebox-core (= 3.0.1)
      torquebox-messaging (= 3.0.1)
    torquebox-transactions (3.0.1)
      torquebox-core (= 3.0.1)
    torquebox-web (3.0.1-java)
    treetop (1.4.15)
      polyglot
      polyglot (>= 0.3.1)
    turbo-sprockets-rails3 (0.3.11)
      railties (> 3.2.8, < 4.0.0)
      sprockets (>= 2.2.0)
    tzinfo (0.3.38)
    uuid (2.3.7)
      macaddr (~> 1.0)
    uuidtools (2.1.4)
    vcr (2.5.0)
    warden (1.2.3)
      rack (>= 1.0)
    webmock (1.11.0)
      addressable (>= 2.2.7)
      crack (>= 0.3.2)
    websocket (1.0.7)
    xpath (2.0.0)
      nokogiri (~> 1.3)

PLATFORMS
  java

DEPENDENCIES
  active_attr (~> 0.8.1)
  activerecord-jdbc-adapter (~> 1.2.9)
  activerecord-jdbch2-adapter (~> 1.2.9)
  activerecord-jdbcpostgresql-adapter (~> 1.2.9)
  activerecord-jdbcsqlite3-adapter (~> 1.2.9)
  activerecord-oracle_enhanced-adapter (= 1.4.2)
  addressable (~> 2.3.4)
  angular-gem (= 1.2.1)
  bootstrap-sass (= 2.3.2.0)
  capistrano (~> 2.15.4)
  capybara (~> 2.1.0)
  closure-compiler (~> 1.1.10)
  coffee-rails (~> 3.2.2)
  compass-rails (~> 1.0.3)
  dalli (~> 2.6.4)
  devise (~> 2.2.5)
  faraday (~> 0.8.7)
  faraday_middleware (~> 0.9.0)
  font-awesome-rails (~> 4.0.0.0)
  foundation-rails (~> 5.0.2.0)
  google-api-client (~> 0.6.4)
  guard-livereload (~> 1.4.0)
  headless (~> 1.0.1)
  httparty (~> 0.11.0)
  ims-lti!
  jruby-activemq (~> 5.5.1)
  json (~> 1.8.0)
  link_header (~> 0.0.7)
  log4r (~> 1.1.10)
  meta_request (~> 0.2.8)
  minitest-reporters (~> 0.14.20)
  momentjs-rails (~> 2.2.1)
  ngmin-rails (~> 0.4.0)
  nokogiri (~> 1.5.9)
  omniauth-cas (~> 1.0.1)
  pikaday-gem (~> 1.1.0.0)
  placeholder-gem (~> 3.0.0.0)
  rack-livereload (~> 0.3.15)
  rails (= 3.2.16)
  rails_admin (= 0.4.9)
  ravenjs-gem (~> 1.0.7.0)
  rb-fchange (~> 0.0.6)
  rb-fsevent (~> 0.9.2)
  rb-inotify (~> 0.9.0)
  retriable (~> 1.3.3.1)
  rspec-mocks (~> 2.13.1)
  rspec-rails (~> 2.13.2)
  rspec_junit_formatter (~> 0.1.2)
  ruby-debug (>= 0.10.5.rc9)
  rvm-capistrano (~> 1.3.1)
  sass-rails (~> 3.2.6)
  secure_headers (~> 0.5.0)
  selenium-webdriver (~> 2.39.0)
  signet (~> 0.4.5)
  simplecov (~> 0.7.1)
  spork (~> 0.9.2)
  torquebox (~> 3.0.1)
  torquebox-messaging (~> 3.0.1)
  torquebox-server (~> 3.0.1)
  turbo-sprockets-rails3 (~> 0.3.11)
  vcr (~> 2.5.0)
  webmock (~> 1.11.0)
